PATH
  remote: .
  specs:
    three (1.0.1)

GEM
  remote: http://rubygems.org/
  specs:
    metaclass (0.0.4)
    mocha (1.1.0)
      metaclass (~> 0.0.1)
    rake (10.3.2)

PLATFORMS
  ruby

DEPENDENCIES
  mocha
  rake
  three!
